GEM
  remote: https://rubygems.org/
  specs:
    animate (0.1.0)
      compass (>= 0.13.alpha.0)
      sass (>= 3.2.0)
    animation (0.1.alpha.3)
      compass (>= 0.12.0)
      sass (>= 3.2.0.alpha.95)
    chunky_png (1.2.8)
    compass (0.13.alpha.3)
      chunky_png (~> 1.2)
      listen (<= 0.9.9)
      sass (~> 3.2.5)
    compass-normalize (1.4.3)
      compass (>= 0.12.0)
    compass-recipes (0.3.0)
      compass (>= 0.12.2)
      compass-normalize (>= 1.3)
      sass (>= 3.2.1)
    listen (0.7.3)
    sass (3.2.9)

PLATFORMS
  ruby

DEPENDENCIES
  animate
  animation
  compass
  compass-recipes
